GIT
  remote: git://github.com/rails/sprockets.git
  revision: 44a829ea5def98acbbc2dab70f5d77459b7555d0
  specs:
    sprockets (4.0.0)
      rack (~> 1.0)

GEM
  remote: https://rubygems.org/
  specs:
    execjs (2.5.2)
    json (1.8.3)
    puma (3.4.0)
    rack (1.6.2)
    sass (3.4.16)
    uglifier (2.7.1)
      execjs (>= 0.3.0)
      json (>= 1.8.0)

PLATFORMS
  ruby

DEPENDENCIES
  puma
  rack
  sass
  sprockets!
  uglifier

BUNDLED WITH
   1.11.2
